GEM
  remote: http://rubygems.org/
  specs:
    eventmachine (1.2.7)
    ruby-prof (0.17.0)

PLATFORMS
  ruby

DEPENDENCIES
  eventmachine
  ruby-prof

BUNDLED WITH
   1.16.4
